GEM
  remote: https://rubygems.org/
  specs:
    highline (1.6.19)
    parallel (0.6.4)

PLATFORMS
  ruby

DEPENDENCIES
  highline
  parallel
